GEM
  remote: https://rubygems.org/
  specs:
    gosu (1.2.0)

PLATFORMS
  ruby

DEPENDENCIES
  gosu

BUNDLED WITH
   1.16.6
